GIT
  remote: git://github.com/sinatra/sinatra.git
  revision: af6dad2a6c31e31617712b15f455b2a3d3eb1c06
  specs:
    rack-protection (2.0.0.beta2)
      rack
    sinatra (2.0.0.beta2)
      mustermann (= 1.0.0.beta2)
      rack (~> 2.0)
      rack-protection (= 2.0.0.beta2)
      tilt (~> 2.0)

GEM
  remote: https://rubygems.org/
  specs:
    codacy-coverage (1.1.5)
      simplecov
    codeclimate-test-reporter (1.0.3)
      simplecov
    codecov (0.1.9)
      json
      simplecov
      url
    coveralls (0.8.17)
      json (>= 1.8, < 3)
      simplecov (~> 0.12.0)
      term-ansicolor (~> 1.3)
      thor (~> 0.19.1)
      tins (~> 1.6)
    diff-lcs (1.2.5)
    docile (1.1.5)
    json (2.0.2)
    minitest (5.10.1)
    mustermann (1.0.0.beta2)
    rack (2.0.1)
    rack-test (0.6.3)
      rack (>= 1.0)
    rake (12.0.0)
    require_all (1.3.3)
    rspec (3.5.0)
      rspec-core (~> 3.5.0)
      rspec-expectations (~> 3.5.0)
      rspec-mocks (~> 3.5.0)
    rspec-core (3.5.4)
      rspec-support (~> 3.5.0)
    rspec-expectations (3.5.0)
      diff-lcs (>= 1.2.0, < 2.0)
      rspec-support (~> 3.5.0)
    rspec-mocks (3.5.0)
      diff-lcs (>= 1.2.0, < 2.0)
      rspec-support (~> 3.5.0)
    rspec-support (3.5.0)
    scrutinizer-ocular (1.0.1)
      simplecov (>= 0.7)
    simplecov (0.12.0)
      docile (~> 1.1.0)
      json (>= 1.8, < 3)
      simplecov-html (~> 0.10.0)
    simplecov-html (0.10.0)
    term-ansicolor (1.4.0)
      tins (~> 1.0)
    thor (0.19.4)
    tilt (2.0.5)
    tins (1.13.0)
    url (0.3.2)
    yaml-lint (0.0.9)

PLATFORMS
  ruby

DEPENDENCIES
  codacy-coverage (~> 1.1.5)
  codeclimate-test-reporter (~> 1.0.3)
  codecov (~> 0.1.9)
  coveralls (~> 0.8.17)
  minitest (~> 5.10.1)
  rack-test
  rake (~> 12.0.0)
  require_all
  rspec (~> 3.5.0)
  scrutinizer-ocular
  sinatra!
  tilt (~> 2.0.5)
  yaml-lint (~> 0.0.9)

RUBY VERSION
   ruby 2.3.1p112

BUNDLED WITH
   1.13.6
