GEM
  remote: https://rubygems.org/
  specs:
    codacy-coverage (1.1.0)
      simplecov (>= 0.10.0)
    codeclimate-test-reporter (0.6.0)
      simplecov (>= 0.7.1, < 1.0.0)
    codecov (0.1.5)
      json
      simplecov
      url
    coveralls (0.8.15)
      json (>= 1.8, < 3)
      simplecov (~> 0.12.0)
      term-ansicolor (~> 1.3)
      thor (~> 0.19.1)
      tins (>= 1.6.0, < 2)
    diff-lcs (1.2.5)
    docile (1.1.5)
    json (2.0.2)
    minitest (5.9.1)
    rack (1.6.4)
    rack-protection (1.5.3)
      rack
    rack-test (0.6.3)
      rack (>= 1.0)
    rake (11.3.0)
    require_all (1.3.3)
    rspec (3.5.0)
      rspec-core (~> 3.5.0)
      rspec-expectations (~> 3.5.0)
      rspec-mocks (~> 3.5.0)
    rspec-core (3.5.2)
      rspec-support (~> 3.5.0)
    rspec-expectations (3.5.0)
      diff-lcs (>= 1.2.0, < 2.0)
      rspec-support (~> 3.5.0)
    rspec-mocks (3.5.0)
      diff-lcs (>= 1.2.0, < 2.0)
      rspec-support (~> 3.5.0)
    rspec-support (3.5.0)
    scrutinizer-ocular (1.0.1)
      simplecov (>= 0.7)
    simplecov (0.12.0)
      docile (~> 1.1.0)
      json (>= 1.8, < 3)
      simplecov-html (~> 0.10.0)
    simplecov-html (0.10.0)
    sinatra (1.4.7)
      rack (~> 1.5)
      rack-protection (~> 1.4)
      tilt (>= 1.3, < 3)
    term-ansicolor (1.3.2)
      tins (~> 1.0)
    thor (0.19.1)
    tilt (2.0.5)
    tins (1.12.0)
    url (0.3.2)
    yaml-lint (0.0.9)

PLATFORMS
  ruby

DEPENDENCIES
  codacy-coverage (~> 1.1.0)
  codeclimate-test-reporter (~> 0.6.0)
  codecov
  coveralls
  minitest (~> 5.9.1)
  rack
  rack-test
  rake (~> 11.3.0)
  require_all
  rspec (~> 3.5.0)
  scrutinizer-ocular
  sinatra (~> 1.4.7)
  tilt (~> 2.0.5)
  yaml-lint (~> 0.0.9)

RUBY VERSION
   ruby 2.3.1p112

BUNDLED WITH
   1.13.3
